GEM
  remote: https://rubygems.org/
  specs:
    mustermann (1.0.2)
    puma (3.12.1)
    rack (2.0.4)
    rack-protection (2.0.1)
      rack
    sinatra (2.0.1)
      mustermann (~> 1.0)
      rack (~> 2.0)
      rack-protection (= 2.0.1)
      tilt (~> 2.0)
    tilt (2.0.8)

PLATFORMS
  ruby

DEPENDENCIES
  puma
  sinatra

RUBY VERSION
   ruby 2.6.2p47

BUNDLED WITH
   1.17.2
